GEM
  remote: https://rubygems.org/
  specs:
    builder (3.1.4)
    haml (3.1.7)
    rack (1.4.1)
    rdiscount (1.6.8)
    toto (0.4.9)
      builder
      rack
      rdiscount

PLATFORMS
  ruby

DEPENDENCIES
  haml
  toto
